GEM
  remote: https://rubygems.org/
  specs:
    rack (2.2.11)

PLATFORMS
  ruby

DEPENDENCIES

BUNDLED WITH
   2.4.19
