GEM
  remote: https://rubygems.org/
  specs:
    base64 (0.2.0)
    rack (3.1.14)
    rack-session (2.1.1)
      base64 (>= 0.1.0)
      rack (>= 3.0.0)

PLATFORMS
  ruby

DEPENDENCIES

BUNDLED WITH
   2.4.19
