GEM
  remote: https://rubygems.org/
  specs:
    rack (3.1.12)

PLATFORMS
  ruby

DEPENDENCIES

BUNDLED WITH
   2.4.19
